GIT
  remote: git://github.com/zendesk/zendesk_api_client_rb.git
  revision: e9cd8586ac681f927b683ccc97033d9e17395b27
  specs:
    zendesk_api (1.3.0.rc3)
      faraday (~> 0.9)
      hashie (>= 1.2)
      inflection
      mime-types (~> 1.0)
      multi_json
      multipart-post (~> 2.0)

GEM
  remote: https://rubygems.org/
  specs:
    activesupport (3.2.16)
      i18n (~> 0.6, >= 0.6.4)
      multi_json (~> 1.0)
    akami (1.3.1)
      gyoku (>= 0.4.0)
      nokogiri
    atomic (1.1.14)
    backports (3.6.4)
    builder (3.2.2)
    coffee-script (2.2.0)
      coffee-script-source
      execjs
    coffee-script-source (1.7.0)
    daemons (1.1.9)
    dashing (1.3.2)
      coffee-script (>= 1.6.2)
      execjs (>= 2.0.0)
      rack
      rufus-scheduler (~> 2.0)
      sass
      sinatra
      sinatra-contrib
      sprockets
      thin
      thor
    dotenv (0.9.0)
    eventmachine (1.0.4)
    execjs (2.0.2)
    faraday (0.9.0)
      multipart-post (>= 1.2, < 3)
    gyoku (1.3.1)
      builder (>= 2.1.2)
    hashie (2.0.5)
    hike (1.2.3)
    htmlentities (4.3.1)
    httpi (2.4.0)
      rack
    i18n (0.6.9)
    inflection (1.0.0)
    jira-ruby (0.1.8)
      activesupport
      oauth
    macaddr (1.7.1)
      systemu (~> 2.6.2)
    mime-types (1.25.1)
    mini_portile (0.5.2)
    multi_json (1.8.4)
    multipart-post (2.0.0)
    nokogiri (1.6.1)
      mini_portile (~> 0.5.0)
    nori (2.6.0)
    oauth (0.4.7)
    rack (1.5.2)
    rack-protection (1.5.2)
      rack
    rack-test (0.6.2)
      rack (>= 1.0)
    rufus-scheduler (2.0.24)
      tzinfo (>= 0.3.22)
    sass (3.2.14)
    savon (2.11.0)
      akami (~> 1.2)
      builder (>= 2.1.2)
      gyoku (~> 1.2)
      httpi (~> 2.3)
      nokogiri (>= 1.4.0)
      nori (~> 2.4)
      uuid (~> 2.3.7)
      wasabi (~> 3.4)
    sinatra (1.4.4)
      rack (~> 1.4)
      rack-protection (~> 1.4)
      tilt (~> 1.3, >= 1.3.4)
    sinatra-contrib (1.4.2)
      backports (>= 2.0)
      multi_json
      rack-protection
      rack-test
      sinatra (~> 1.4.0)
      tilt (~> 1.3)
    sprockets (2.10.1)
      hike (~> 1.2)
      multi_json (~> 1.0)
      rack (~> 1.0)
      tilt (~> 1.1, != 1.3.0)
    systemu (2.6.5)
    thin (1.6.1)
      daemons (>= 1.0.9)
      eventmachine (>= 1.0.0)
      rack (>= 1.0.0)
    thor (0.18.1)
    thread_safe (0.1.3)
      atomic
    tilt (1.4.1)
    tzinfo (1.1.0)
      thread_safe (~> 0.1)
    uuid (2.3.8)
      macaddr (~> 1.0)
    wasabi (3.5.0)
      httpi (~> 2.0)
      nokogiri (>= 1.4.2)

PLATFORMS
  ruby

DEPENDENCIES
  dashing
  dotenv
  htmlentities
  jira-ruby
  nokogiri
  savon (~> 2.11.0)
  zendesk_api!

BUNDLED WITH
   1.10.6
